GEM
  remote: https://rubygems.org/
  specs:
    mustermann (1.0.1)
    mysql2 (0.4.9)
    rack (2.0.3)
    rack-protection (2.0.0)
      rack
    sinatra (2.0.0)
      mustermann (~> 1.0)
      rack (~> 2.0)
      rack-protection (= 2.0.0)
      tilt (~> 2.0)
    sinatra-flash (0.3.0)
      sinatra (>= 1.0.0)
    tilt (2.0.8)

PLATFORMS
  ruby

DEPENDENCIES
  mysql2!
  sinatra!
  sinatra-flash!

BUNDLED WITH
   1.15.4
